GIT
  remote: git://github.com/rjurney/ruby-druid.git
  revision: 0e9c4b05a412e45f3c5448ba7a298786f0f89a2d
  branch: timeseries
  specs:
    ruby-druid (0.1.0)
      rest-client
      zk

GEM
  remote: http://rubygems.org/
  specs:
    little-plugger (1.1.3)
    logging (1.7.2)
      little-plugger (>= 1.1.3)
    mime-types (1.25)
    rack (1.5.2)
    rack-protection (1.5.0)
      rack
    rest-client (1.6.7)
      mime-types (>= 1.16)
    sinatra (1.4.3)
      rack (~> 1.4)
      rack-protection (~> 1.4)
      tilt (~> 1.3, >= 1.3.4)
    tilt (1.4.1)
    zk (1.9.2)
      logging (~> 1.7.2)
      zookeeper (~> 1.4.0)
    zookeeper (1.4.6)

PLATFORMS
  ruby

DEPENDENCIES
  ruby-druid!
  sinatra
